GIT
  remote: git://github.com/EdgarOrtegaRamirez/lita-keepalive.git
  revision: 518f60454005d1e98036b3b2166bd55ab7539aa6
  branch: configurable-ping-time
  specs:
    lita-keepalive (0.0.2)
      lita (~> 4.0)

GIT
  remote: git://github.com/EdgarOrtegaRamirez/lita-team.git
  revision: e79f923a02f7cd37a4be3e55c653842c4b0e2378
  branch: test
  specs:
    lita-team (1.0.0)
      lita (>= 4.3)

GIT
  remote: git://github.com/charly-palencia/lita-tell.git
  revision: bd015309d56898c6b248ca3b77299ea97879e1ad
  branch: master
  specs:
    lita-tell (0.1.2)
      lita (>= 4.4)

GIT
  remote: git://github.com/kenjij/lita-slack.git
  revision: e258bd1ace1da556c5ab45b3e4282d6c6dfd3761
  branch: master
  specs:
    lita-slack (1.5.0)
      eventmachine
      faraday
      faye-websocket (>= 0.8.0)
      lita (>= 4.4.2)
      multi_json

GEM
  remote: https://rubygems.org/
  specs:
    eventmachine (1.0.8)
    faraday (0.9.1)
      multipart-post (>= 1.2, < 3)
    faye-websocket (0.10.0)
      eventmachine (>= 0.12.0)
      websocket-driver (>= 0.5.1)
    http_router (0.11.2)
      rack (>= 1.0.0)
      url_mount (~> 0.2.1)
    i18n (0.7.0)
    ice_nine (0.11.1)
    lita (4.4.3)
      bundler (>= 1.3)
      faraday (>= 0.8.7)
      http_router (>= 0.11.1)
      i18n (>= 0.6.9)
      ice_nine (>= 0.11.0)
      multi_json (>= 1.7.7)
      puma (>= 2.7.1)
      rack (>= 1.5.2)
      rb-readline (>= 0.5.1)
      redis-namespace (>= 1.3.0)
      thor (>= 0.18.1)
    lita-applause (0.0.2)
      lita (>= 4.0)
    lita-poll (1.0.2)
      lita (>= 4.2.1)
    multi_json (1.11.2)
    multipart-post (2.0.0)
    puma (2.12.3)
    rack (1.6.4)
    rb-readline (0.5.3)
    redis (3.2.1)
    redis-namespace (1.5.2)
      redis (~> 3.0, >= 3.0.4)
    thor (0.19.1)
    url_mount (0.2.1)
      rack
    websocket-driver (0.6.2)
      websocket-extensions (>= 0.1.0)
    websocket-extensions (0.1.2)

PLATFORMS
  ruby

DEPENDENCIES
  lita
  lita-applause
  lita-keepalive!
  lita-poll
  lita-slack!
  lita-team!
  lita-tell!
