GIT
  remote: git://github.com/EdgarOrtegaRamirez/lita-slack-reactions.git
  revision: 9f8dc372dc8434833c3ef80728ef815c8d8621af
  branch: master
  specs:
    lita-slack-reactions (0.1.0)
      keen (>= 0.9)
      lita (>= 4.7)

GIT
  remote: git://github.com/charly-palencia/lita-tell.git
  revision: 0da540502b9a794bb4aaae470cd6346f9a2c64b2
  branch: master
  specs:
    lita-tell (0.1.4)
      lita (>= 4.4)

GIT
  remote: git://github.com/equintana/lita-service.git
  revision: 8b5584b1e10a1a5cf42c28b4154950368dc2cc2f
  branch: master
  specs:
    lita-service (0.1.0)
      lita (>= 4.7)

GIT
  remote: git://github.com/horozco/lita-team-balance.git
  revision: f8860c7cf7237419edf82645616e618d289c3d50
  branch: master
  specs:
    lita-team-balance (0.1.0)
      lita (>= 4.7)
      terminal-table (>= 1.5.2)

GIT
  remote: git://github.com/litaio/lita-slack.git
  revision: 862ec7252c2087c1a365c01d40e7cdfd97b392eb
  branch: master
  specs:
    lita-slack (1.8.0)
      eventmachine
      faraday
      faye-websocket (>= 0.8.0)
      lita (>= 4.7.1)
      multi_json

GEM
  remote: https://rubygems.org/
  specs:
    addressable (2.3.8)
    eventmachine (1.2.0.1)
    faraday (0.10.0)
      multipart-post (>= 1.2, < 3)
    faye-websocket (0.10.5)
      eventmachine (>= 0.12.0)
      websocket-driver (>= 0.5.1)
    http_router (0.11.2)
      rack (>= 1.0.0)
      url_mount (~> 0.2.1)
    i18n (0.7.0)
    ice_nine (0.11.2)
    keen (0.9.6)
      addressable (~> 2.3.5)
      multi_json (~> 1.3)
    lita (4.7.1)
      bundler (>= 1.3)
      faraday (>= 0.8.7)
      http_router (>= 0.11.2)
      i18n (>= 0.6.9)
      ice_nine (>= 0.11.0)
      multi_json (>= 1.7.7)
      puma (>= 2.7.1)
      rack (>= 1.5.2, < 2.0.0)
      rb-readline (>= 0.5.1)
      redis-namespace (>= 1.3.0)
      thor (>= 0.18.1)
    lita-applause (0.0.2)
      lita (>= 4.0)
    lita-poll (1.0.2)
      lita (>= 4.2.1)
    lita-team (2.2.1)
      lita (>= 4.7)
    multi_json (1.12.1)
    multipart-post (2.0.0)
    puma (3.6.2)
    rack (1.6.5)
    rb-readline (0.5.3)
    redis (3.3.2)
    redis-namespace (1.5.2)
      redis (~> 3.0, >= 3.0.4)
    terminal-table (1.7.3)
      unicode-display_width (~> 1.1.1)
    thor (0.19.4)
    unicode-display_width (1.1.1)
    url_mount (0.2.1)
      rack
    websocket-driver (0.6.4)
      websocket-extensions (>= 0.1.0)
    websocket-extensions (0.1.2)

PLATFORMS
  ruby

DEPENDENCIES
  lita
  lita-applause
  lita-poll
  lita-service!
  lita-slack!
  lita-slack-reactions!
  lita-team
  lita-team-balance!
  lita-tell!

RUBY VERSION
   ruby 2.3.1p112

BUNDLED WITH
   1.13.6
