GIT
  remote: git://github.com/EdgarOrtegaRamirez/lita-team.git
  revision: e79f923a02f7cd37a4be3e55c653842c4b0e2378
  branch: test
  specs:
    lita-team (1.0.0)
      lita (>= 4.3)

GIT
  remote: git://github.com/charly-palencia/lita-tell.git
  revision: b53eaa15604928da9ba6d89c3390cf5a1dac66b0
  branch: master
  specs:
    lita-tell (0.1.4)
      lita (>= 4.4)

GIT
  remote: git://github.com/kenjij/lita-slack.git
  revision: f9d08bf19b708c616302384c4bf7e226cdf0b51a
  branch: master
  specs:
    lita-slack (1.7.0)
      eventmachine
      faraday
      faye-websocket (>= 0.8.0)
      lita (>= 4.6.0)
      multi_json

GEM
  remote: https://rubygems.org/
  specs:
    eventmachine (1.0.8)
    faraday (0.9.2)
      multipart-post (>= 1.2, < 3)
    faye-websocket (0.10.0)
      eventmachine (>= 0.12.0)
      websocket-driver (>= 0.5.1)
    http_router (0.11.2)
      rack (>= 1.0.0)
      url_mount (~> 0.2.1)
    i18n (0.7.0)
    ice_nine (0.11.1)
    lita (4.6.1)
      bundler (>= 1.3)
      faraday (>= 0.8.7)
      http_router (>= 0.11.2)
      i18n (>= 0.6.9)
      ice_nine (>= 0.11.0)
      multi_json (>= 1.7.7)
      puma (>= 2.7.1)
      rack (>= 1.5.2)
      rb-readline (>= 0.5.1)
      redis-namespace (>= 1.3.0)
      thor (>= 0.18.1)
    lita-applause (0.0.2)
      lita (>= 4.0)
    lita-poll (1.0.2)
      lita (>= 4.2.1)
    multi_json (1.11.2)
    multipart-post (2.0.0)
    puma (2.14.0)
    rack (1.6.4)
    rb-readline (0.5.3)
    redis (3.2.1)
    redis-namespace (1.5.2)
      redis (~> 3.0, >= 3.0.4)
    thor (0.19.1)
    url_mount (0.2.1)
      rack
    websocket-driver (0.6.2)
      websocket-extensions (>= 0.1.0)
    websocket-extensions (0.1.2)

PLATFORMS
  ruby

DEPENDENCIES
  lita
  lita-applause
  lita-poll
  lita-slack!
  lita-team!
  lita-tell!

BUNDLED WITH
   1.10.6
